PATH
  remote: .
  specs:
    ProMotion (2.0.0.rc4)
      methadone (~> 1.4)

GEM
  remote: https://rubygems.org/
  specs:
    methadone (1.4.0)
      bundler
    motion-redgreen (0.1.0)
    motion-stump (0.3.2)
    rake (10.3.2)
    webstub (1.0.1)

PLATFORMS
  ruby

DEPENDENCIES
  ProMotion!
  motion-redgreen (~> 0.1)
  motion-stump (~> 0.3)
  rake (>= 10.0)
  webstub (~> 1.0)
